GIT
  remote: git://github.com/makevoid/voidtools
  revision: 707a87770f52790fdd9fec1518f21dd0069681c7
  specs:
    voidtools (0.2.4)

GEM
  remote: http://rubygems.org/
  specs:
    haml (3.1.2)
    rack (1.3.2)
    rack-flash (0.1.2)
      rack
    sass (3.1.7)
    sinatra (1.2.6)
      rack (~> 1.1)
      tilt (>= 1.2.2, < 2.0)
    tilt (1.3.3)

PLATFORMS
  ruby

DEPENDENCIES
  haml
  rack-flash
  sass
  sinatra
  voidtools!
