GIT
  remote: git://github.com/makevoid/voidtools
  revision: 61dcae09580177b14815361096a6bd9674095526
  specs:
    voidtools (0.2.3)

GEM
  remote: http://rubygems.org/
  specs:
    backports (2.2.1)
    haml (3.1.2)
    monkey-lib (0.5.4)
      backports
    rack (1.3.0)
    rack-flash (0.1.1)
      rack
    sass (3.1.2)
    sinatra (1.2.6)
      rack (~> 1.1)
      tilt (< 2.0, >= 1.2.2)
    sinatra-advanced-routes (0.5.1)
      monkey-lib (~> 0.5.0)
      sinatra (~> 1.0)
      sinatra-sugar (~> 0.5.0)
    sinatra-content-for (0.2)
      sinatra
    sinatra-reloader (0.5.0)
      sinatra (~> 1.0)
      sinatra-advanced-routes (~> 0.5.0)
    sinatra-sugar (0.5.1)
      monkey-lib (~> 0.5.0)
      sinatra (~> 1.0)
    tilt (1.3.2)

PLATFORMS
  ruby

DEPENDENCIES
  haml
  rack-flash
  sass
  sinatra
  sinatra-content-for
  sinatra-reloader
  voidtools!
